NUGET
  remote: https://nuget.org/api/v2
  specs:
    EntityFramework (6.1.3)
    FAKE (3.34.7)
    FSharp.Compiler.Service (0.0.89)
    FSharp.Data (2.2.2)
      Zlib.Portable (>= 1.10.0) - framework: portable-net40+sl50+wp80+win80
    FSharp.Formatting (2.9.6)
      FSharp.Compiler.Service (>= 0.0.87)
      FSharpVSPowerTools.Core (1.8.0)
    FSharpVSPowerTools.Core (1.8.0)
      FSharp.Compiler.Service (>= 0.0.87)
    log4net (2.0.3)
    Microsoft.Bcl (1.1.10)
      Microsoft.Bcl.Build (>= 1.0.14)
    Microsoft.Bcl.Build (1.0.21)
    Microsoft.Data.Edm (5.6.4)
    Microsoft.Data.OData (5.6.4)
      Microsoft.Data.Edm (5.6.4)
      System.Spatial (5.6.4)
    Microsoft.Data.Services (5.6.4)
      Microsoft.Data.Services.Client (5.6.4)
    Microsoft.Data.Services.Client (5.6.4)
      Microsoft.Data.OData (5.6.4)
    Microsoft.Net.Http (2.2.29)
      Microsoft.Bcl (>= 1.1.10)
      Microsoft.Bcl.Build (>= 1.0.14)
    Newtonsoft.Json (6.0.8)
    NUnit (2.6.4)
    NUnit.Runners (2.6.4)
    Octokit (0.12.0) - framework: portable-net40+sl50+wp80+win80
      Microsoft.Net.Http
    SourceLink.Fake (0.5.0)
    System.Spatial (5.6.4)
    Zlib.Portable (1.10.0) - framework: portable-net40+sl50+wp80+win80
GITHUB
  remote: fsharp/FAKE
  specs:
    modules/Octokit/Octokit.fsx (8df5fa084bd2447427f295d3b35a131910aa054c)
      Octokit